GEM
  remote: https://rubygems.org/
  specs:
    activesupport (4.2.6)
      i18n (~> 0.7)
      json (~> 1.7, >= 1.7.7)
      minitest (~> 5.1)
      thread_safe (~> 0.3, >= 0.3.4)
      tzinfo (~> 1.1)
    ast (2.3.0)
    colorable (0.2.0)
    i18n (0.7.0)
    json (1.8.3)
    minitest (5.9.0)
    motion_blender (0.3.1)
      activesupport (~> 4.2)
      colorable (~> 0.2)
      parser
      ruby-graphviz (~> 1.2)
    parser (2.3.1.2)
      ast (~> 2.2)
    rake (10.5.0)
    ruby-graphviz (1.2.2)
    thread_safe (0.3.5)
    tzinfo (1.2.2)
      thread_safe (~> 0.1)

PLATFORMS
  ruby

DEPENDENCIES
  motion_blender
  rake

BUNDLED WITH
   1.12.5
